GEM
  remote: https://rubygems.org/
  specs:
    actioncable (5.1.4)
      actionpack (= 5.1.4)
      nio4r (~> 2.0)
      websocket-driver (~> 0.6.1)
    actionmailer (5.1.4)
      actionpack (= 5.1.4)
      actionview (= 5.1.4)
      activejob (= 5.1.4)
      mail (~> 2.5, >= 2.5.4)
      rails-dom-testing (~> 2.0)
    actionpack (5.1.4)
      actionview (= 5.1.4)
      activesupport (= 5.1.4)
      rack (~> 2.0)
      rack-test (>= 0.6.3)
      rails-dom-testing (~> 2.0)
      rails-html-sanitizer (~> 1.0, >= 1.0.2)
    actionview (5.1.4)
      activesupport (= 5.1.4)
      builder (~> 3.1)
      erubi (~> 1.4)
      rails-dom-testing (~> 2.0)
      rails-html-sanitizer (~> 1.0, >= 1.0.3)
    activejob (5.1.4)
      activesupport (= 5.1.4)
      globalid (>= 0.3.6)
    activemodel (5.1.4)
      activesupport (= 5.1.4)
    activerecord (5.1.4)
      activemodel (= 5.1.4)
      activesupport (= 5.1.4)
      arel (~> 8.0)
    activesupport (5.1.4)
      concurrent-ruby (~> 1.0, >= 1.0.2)
      i18n (~> 0.7)
      minitest (~> 5.1)
      tzinfo (~> 1.1)
    annotate (2.7.2)
      activerecord (>= 3.2, < 6.0)
      rake (>= 10.4, < 13.0)
    arel (8.0.0)
    ast (2.3.0)
    autoprefixer-rails (7.2.5)
      execjs
    bcrypt (3.1.11)
    bindex (0.5.0)
    bootstrap (4.0.0)
      autoprefixer-rails (>= 6.0.3)
      popper_js (>= 1.12.9, < 2)
      sass (>= 3.5.2)
    brakeman (4.1.1)
    browser_details (0.0.6)
      useragent (>= 0.4)
    builder (3.2.3)
    bullet (5.7.1)
      activesupport (>= 3.0.0)
      uniform_notifier (~> 1.11.0)
    byebug (9.1.0)
    cancancan (2.1.2)
    concurrent-ruby (1.0.5)
    coveralls (0.7.1)
      multi_json (~> 1.3)
      rest-client
      simplecov (>= 0.7)
      term-ansicolor
      thor
    crass (1.0.3)
    devise (4.4.0)
      bcrypt (~> 3.0)
      orm_adapter (~> 0.1)
      railties (>= 4.1.0, < 5.2)
      responders
      warden (~> 1.2.3)
    diff-lcs (1.3)
    docile (1.1.5)
    domain_name (0.5.20170404)
      unf (>= 0.0.5, < 1.0.0)
    dotenv (2.2.1)
    dotenv-rails (2.2.1)
      dotenv (= 2.2.1)
      railties (>= 3.2, < 5.2)
    erubi (1.7.0)
    exception_notification (4.2.2)
      actionmailer (>= 4.0, < 6)
      activesupport (>= 4.0, < 6)
    execjs (2.7.0)
    factory_bot (4.8.2)
      activesupport (>= 3.0.0)
    factory_bot_rails (4.8.2)
      factory_bot (~> 4.8.2)
      railties (>= 3.0.0)
    ffi (1.9.18)
    globalid (0.4.1)
      activesupport (>= 4.2.0)
    http-cookie (1.0.3)
      domain_name (~> 0.5)
    i18n (0.9.1)
      concurrent-ruby (~> 1.0)
    its-it (1.3.0)
    jquery-rails (4.3.1)
      rails-dom-testing (>= 1, < 3)
      railties (>= 4.2.0)
      thor (>= 0.14, < 2.0)
    jquery-turbolinks (2.1.0)
      railties (>= 3.1.0)
      turbolinks
    json (2.1.0)
    key_struct (0.4.2)
    libv8 (3.16.14.19)
    listen (3.1.5)
      rb-fsevent (~> 0.9, >= 0.9.4)
      rb-inotify (~> 0.9, >= 0.9.7)
      ruby_dep (~> 1.2)
    loofah (2.1.1)
      crass (~> 1.0.2)
      nokogiri (>= 1.5.9)
    mail (2.7.0)
      mini_mime (>= 0.1.1)
    method_source (0.9.0)
    mime-types (3.1)
      mime-types-data (~> 3.2015)
    mime-types-data (3.2016.0521)
    mini_mime (1.0.0)
    mini_portile2 (2.3.0)
    minitest (5.11.1)
    modware (0.1.3)
      key_struct (~> 0.4)
    multi_json (1.13.1)
    netrc (0.11.0)
    nio4r (2.2.0)
    nokogiri (1.8.1)
      mini_portile2 (~> 2.3.0)
    orm_adapter (0.5.0)
    parallel (1.12.1)
    parser (2.4.0.2)
      ast (~> 2.3)
    pg (0.21.0)
    popper_js (1.12.9)
    powerpack (0.1.1)
    puma (3.11.2)
    rack (2.0.3)
    rack-mini-profiler (0.10.7)
      rack (>= 1.2.0)
    rack-protection (2.0.0)
      rack
    rack-test (0.8.2)
      rack (>= 1.0, < 3)
    rails (5.1.4)
      actioncable (= 5.1.4)
      actionmailer (= 5.1.4)
      actionpack (= 5.1.4)
      actionview (= 5.1.4)
      activejob (= 5.1.4)
      activemodel (= 5.1.4)
      activerecord (= 5.1.4)
      activesupport (= 5.1.4)
      bundler (>= 1.3.0)
      railties (= 5.1.4)
      sprockets-rails (>= 2.0.0)
    rails-dom-testing (2.0.3)
      activesupport (>= 4.2.0)
      nokogiri (>= 1.6)
    rails-html-sanitizer (1.0.3)
      loofah (~> 2.0)
    rails_real_favicon (0.0.7)
      json (>= 1.7, < 3)
      rails (>= 3.1)
      rest-client (~> 2.0)
      rubyzip (~> 1)
    railties (5.1.4)
      actionpack (= 5.1.4)
      activesupport (= 5.1.4)
      method_source
      rake (>= 0.8.7)
      thor (>= 0.18.1, < 2.0)
    rainbow (3.0.0)
    rake (12.3.0)
    rb-fsevent (0.10.2)
    rb-inotify (0.9.10)
      ffi (>= 0.5.0, < 2)
    ref (2.0.0)
    responders (2.4.0)
      actionpack (>= 4.2.0, < 5.3)
      railties (>= 4.2.0, < 5.3)
    rest-client (2.0.2)
      http-cookie (>= 1.0.2, < 2.0)
      mime-types (>= 1.16, < 4.0)
      netrc (~> 0.8)
    rolify (5.2.0)
    rspec-core (3.7.1)
      rspec-support (~> 3.7.0)
    rspec-expectations (3.7.0)
      diff-lcs (>= 1.2.0, < 2.0)
      rspec-support (~> 3.7.0)
    rspec-mocks (3.7.0)
      diff-lcs (>= 1.2.0, < 2.0)
      rspec-support (~> 3.7.0)
    rspec-rails (3.7.2)
      actionpack (>= 3.0)
      activesupport (>= 3.0)
      railties (>= 3.0)
      rspec-core (~> 3.7.0)
      rspec-expectations (~> 3.7.0)
      rspec-mocks (~> 3.7.0)
      rspec-support (~> 3.7.0)
    rspec-support (3.7.1)
    rubocop (0.52.1)
      parallel (~> 1.10)
      parser (>= 2.4.0.2, < 3.0)
      powerpack (~> 0.1)
      rainbow (>= 2.2.2, < 4.0)
      ruby-progressbar (~> 1.7)
      unicode-display_width (~> 1.0, >= 1.0.1)
    ruby-progressbar (1.9.0)
    ruby_dep (1.5.0)
    rubyzip (1.2.1)
    sass (3.5.5)
      sass-listen (~> 4.0.0)
    sass-listen (4.0.0)
      rb-fsevent (~> 0.9, >= 0.9.4)
      rb-inotify (~> 0.9, >= 0.9.7)
    sass-rails (5.0.7)
      railties (>= 4.0.0, < 6)
      sass (~> 3.1)
      sprockets (>= 2.8, < 4.0)
      sprockets-rails (>= 2.0, < 4.0)
      tilt (>= 1.1, < 3)
    schema_monkey (2.1.5)
      activerecord (>= 4.2)
      modware (~> 0.1)
    schema_plus_columns (0.2.0)
      activerecord (>= 4.2, < 5.2)
      its-it (~> 1.2)
      schema_plus_core
      schema_plus_indexes (~> 0.2)
    schema_plus_core (2.1.1)
      activerecord (~> 5.0)
      its-it (~> 1.2)
      schema_monkey (~> 2.1)
    schema_plus_indexes (0.3.0)
      activerecord (>= 4.2, < 5.2)
      its-it (~> 1.2)
      schema_plus_core
    schema_validations (2.3.0)
      activerecord (~> 5.0)
      schema_plus_columns
      valuable
    scss_lint (0.56.0)
      rake (>= 0.9, < 13)
      sass (~> 3.5.3)
    simplecov (0.15.1)
      docile (~> 1.1.0)
      json (>= 1.8, < 3)
      simplecov-html (~> 0.10.0)
    simplecov-html (0.10.2)
    sitemap_generator (6.0.1)
      builder (~> 3.0)
    spring (2.0.2)
      activesupport (>= 4.2)
    sprockets (3.7.1)
      concurrent-ruby (~> 1.0)
      rack (> 1, < 3)
    sprockets-rails (3.2.1)
      actionpack (>= 4.0)
      activesupport (>= 4.0)
      sprockets (>= 3.0.0)
    term-ansicolor (1.6.0)
      tins (~> 1.0)
    therubyracer (0.12.3)
      libv8 (~> 3.16.14.15)
      ref
    thor (0.20.0)
    thread_safe (0.3.6)
    tilt (2.0.8)
    tins (1.16.3)
    traceroute (0.5.0)
      rails (>= 3.0.0)
    turbolinks (5.1.0)
      turbolinks-source (~> 5.1)
    turbolinks-source (5.1.0)
    tzinfo (1.2.4)
      thread_safe (~> 0.1)
    uglifier (4.1.3)
      execjs (>= 0.3.0, < 3)
    unf (0.1.4)
      unf_ext
    unf_ext (0.0.7.4)
    unicode-display_width (1.3.0)
    uniform_notifier (1.11.0)
    useragent (0.16.9)
    valuable (0.9.14)
    warden (1.2.7)
      rack (>= 1.0)
    web-console (3.5.1)
      actionview (>= 5.0)
      activemodel (>= 5.0)
      bindex (>= 0.4.0)
      railties (>= 5.0)
    websocket-driver (0.6.5)
      websocket-extensions (>= 0.1.0)
    websocket-extensions (0.1.3)

PLATFORMS
  ruby

DEPENDENCIES
  annotate
  bootstrap
  brakeman
  browser_details
  bullet
  byebug
  cancancan
  coveralls
  devise
  dotenv-rails
  exception_notification
  factory_bot_rails
  jquery-rails
  jquery-turbolinks
  listen
  pg (< 1)
  puma
  rack-mini-profiler
  rack-protection
  rails
  rails_real_favicon (>= 0.0.7)
  rake
  rolify
  rspec-rails
  rubocop
  sass-rails
  schema_validations
  scss_lint
  sitemap_generator
  spring
  therubyracer
  traceroute
  turbolinks
  uglifier
  web-console

RUBY VERSION
   ruby 2.5.0p0

BUNDLED WITH
   1.16.1
